GEM
  remote: https://rubygems.org/
  specs:
    archive-zip (0.7.0)
      io-like (~> 0.3.0)
    ffi (1.9.8)
    ffi-yajl (2.2.0)
      libyajl2 (~> 1.2)
    gqtp (1.0.6)
    groonga-client (0.1.3)
      gqtp (>= 1.0.4)
      groonga-command (>= 1.0.8)
      groonga-command-parser
    groonga-command (1.1.2)
      json
    groonga-command-parser (1.0.4)
      ffi
      ffi-yajl
      groonga-command (>= 1.0.9)
    io-like (0.3.0)
    json (1.8.2)
    libyajl2 (1.2.0)
    pkg-config (1.1.6)
    rroonga (5.0.2)
      archive-zip
      groonga-client (>= 0.0.3)
      json
      pkg-config

PLATFORMS
  ruby

DEPENDENCIES
  rroonga
